PATH
  remote: .
  specs:
    cf (5.4.7.rc1)
      addressable
      caldecott-client (~> 0.0.2)
      cfoundry (~> 4.7.2.rc1)
      interact (>= 0.5)
      json_pure
      mothership (>= 0.5.1)
      multi_json (~> 1.3)
      rest-client (~> 1.6)
      uuidtools (~> 2.1)

GEM
  remote: https://rubygems.org/
  specs:
    activemodel (4.0.2)
      activesupport (= 4.0.2)
      builder (~> 3.1.0)
    activesupport (4.0.2)
      i18n (~> 0.6, >= 0.6.4)
      minitest (~> 4.2)
      multi_json (~> 1.3)
      thread_safe (~> 0.1)
      tzinfo (~> 0.3.37)
    addressable (2.2.8)
    anchorman (0.9.5)
      git
      github
      octokit
      thor
    atomic (1.1.14)
    blue-shell (0.3.0)
      rspec
    builder (3.1.4)
    caldecott-client (0.0.2)
      multi_json (~> 1.3)
    cf-uaa-lib (2.0.1)
      multi_json
    cfoundry (4.7.2.rc1)
      activemodel (>= 3.2.13, < 5.0.0)
      cf-uaa-lib (~> 2.0.1)
      multi_json (~> 1.7)
      multipart-post (~> 1.1)
      rubyzip (~> 0.9)
    crack (0.4.1)
      safe_yaml (~> 0.9.0)
    diff-lcs (1.2.5)
    factory_girl (4.2.0)
      activesupport (>= 3.0.0)
    fakefs (0.4.2)
    faraday (0.8.8)
      multipart-post (~> 1.2.0)
    ffaker (1.15.0)
    gem-release (0.6.0)
    git (1.2.6)
    github (0.7.2)
      highline (~> 1.6)
      json_pure (~> 1.5.1)
      launchy (~> 2.0.2)
      text-format (= 1.0.0)
      text-hyphen (= 1.0.0)
    highline (1.6.19)
    httparty (0.11.0)
      multi_json (~> 1.0)
      multi_xml (>= 0.5.2)
    i18n (0.6.9)
    interact (0.5.2)
    json_pure (1.5.5)
      spruz (~> 0.2.8)
    launchy (2.0.5)
      addressable (~> 2.2.6)
    license_finder (0.9.2)
      bundler
      httparty
      rake
      sequel
      sqlite3
      thor
    mime-types (2.0)
    minitest (4.7.5)
    mothership (0.5.1)
    multi_json (1.8.2)
    multi_xml (0.5.5)
    multipart-post (1.2.0)
    ocra (1.3.1)
    octokit (2.0.0)
      sawyer (~> 0.3.0)
    rack (1.5.2)
    rack-protection (1.5.0)
      rack
    rake (0.9.6)
    rest-client (1.6.7)
      mime-types (>= 1.16)
    rspec (2.14.1)
      rspec-core (~> 2.14.0)
      rspec-expectations (~> 2.14.0)
      rspec-mocks (~> 2.14.0)
    rspec-core (2.14.7)
    rspec-expectations (2.14.4)
      diff-lcs (>= 1.1.3, < 2.0)
    rspec-instafail (0.2.4)
    rspec-mocks (2.14.4)
    rubyzip (0.9.9)
    safe_yaml (0.9.5)
    sawyer (0.3.0)
      faraday (~> 0.8, < 0.10)
      uri_template (~> 0.5.0)
    sequel (4.2.0)
    sinatra (1.4.3)
      rack (~> 1.4)
      rack-protection (~> 1.4)
      tilt (~> 1.3, >= 1.3.4)
    spruz (0.2.13)
    sqlite3 (1.3.8)
    text-format (1.0.0)
      text-hyphen (~> 1.0.0)
    text-hyphen (1.0.0)
    thor (0.18.1)
    thread_safe (0.1.3)
      atomic
    tilt (1.4.1)
    tzinfo (0.3.38)
    uri_template (0.5.3)
    uuidtools (2.1.4)
    webmock (1.13.0)
      addressable (>= 2.2.7)
      crack (>= 0.3.2)

PLATFORMS
  ruby

DEPENDENCIES
  anchorman
  blue-shell (>= 0.3.0)
  cf!
  factory_girl
  fakefs (~> 0.4.2)
  ffaker (= 1.15)
  gem-release
  license_finder
  ocra
  rake (~> 0.9)
  rspec (~> 2.14)
  rspec-instafail (~> 0.2.4)
  sinatra
  webmock
